GEM
  remote: http://rubygems.org/
  specs:
    addressable (2.2.6)
    faraday (0.7.6)
      addressable (~> 2.2)
      multipart-post (~> 1.1)
      rack (~> 1.1)
    geoloqi (0.9.37)
      faraday (>= 0.6.1)
      json
    json (1.6.5)
    multipart-post (1.1.4)
    rack (1.4.1)

PLATFORMS
  ruby

DEPENDENCIES
  geoloqi (>= 0.9.37)
